PATH
  remote: .
  specs:
    yarrrml_template_builder (0.1.54)
      rest-client (~> 2.1.0)
      yaml (~> 0.1.0)

GEM
  remote: https://rubygems.org/
  specs:
    domain_name (0.5.20190701)
      unf (>= 0.0.5, < 1.0.0)
    http-accept (1.7.0)
    http-cookie (1.0.5)
      domain_name (~> 0.5)
    mime-types (3.4.1)
      mime-types-data (~> 3.2015)
    mime-types-data (3.2022.0105)
    netrc (0.11.0)
    rake (13.0.6)
    rest-client (2.1.0)
      http-accept (>= 1.7.0, < 2.0)
      http-cookie (>= 1.0.2, < 2.0)
      mime-types (>= 1.16, < 4.0)
      netrc (~> 0.8)
    unf (0.1.4)
      unf_ext
    unf_ext (0.0.8.2)
    yaml (0.1.1)

PLATFORMS
  x86_64-linux

DEPENDENCIES
  rake (~> 13.0)
  yarrrml_template_builder!

BUNDLED WITH
   2.3.12
